GEM
  remote: https://rubygems.org/
  specs:
    json (2.12.2)
    mini_portile2 (2.8.9)
    nokogiri (1.18.8)
      mini_portile2 (~> 2.8.2)
      racc (~> 1.4)
    nokogiri (1.18.8-aarch64-linux-gnu)
      racc (~> 1.4)
    racc (1.8.1)

PLATFORMS
  aarch64-linux
  ruby

DEPENDENCIES
  json
  nokogiri

BUNDLED WITH
   2.5.22
