GEM
  remote: https://rubygems.org/
  specs:
    json (2.12.2)
    mini_portile2 (2.8.9)
    nokogiri (1.18.8)
      mini_portile2 (~> 2.8.2)
      racc (~> 1.4)
    nokogiri (1.18.8-aarch64-linux-gnu)
      racc (~> 1.4)
    racc (1.8.1)
    sqlite3 (2.6.0)
      mini_portile2 (~> 2.8.0)
    sqlite3 (2.6.0-aarch64-linux-gnu)

PLATFORMS
  aarch64-linux
  ruby

DEPENDENCIES
  json
  nokogiri
  sqlite3

BUNDLED WITH
   2.5.22
